GEM
  remote: https://rubygems.org/
  specs:
    activesupport (5.1.1)
      concurrent-ruby (~> 1.0, >= 1.0.2)
      i18n (~> 0.7)
      minitest (~> 5.1)
      tzinfo (~> 1.1)
    concurrent-ruby (1.0.5-java)
    i18n (0.8.4)
    jruby-jars (9.1.8.0)
    jruby-rack (1.1.20)
    minitest (5.10.2)
    rake (12.0.0)
    rubyzip (1.2.1)
    thread_safe (0.3.6-java)
    tzinfo (1.2.3)
      thread_safe (~> 0.1)
    warbler (2.0.4)
      jruby-jars (>= 9.0.0.0)
      jruby-rack (>= 1.1.1, < 1.3)
      rake (>= 10.1.0)
      rubyzip (~> 1.0, < 1.4)

PLATFORMS
  java

DEPENDENCIES
  activesupport
  jruby-jars (= 9.1.8.0)
  warbler

BUNDLED WITH
   1.15.0
